GEM
  remote: http://rubygems.org/
  specs:
    dropbox-api (0.3.1)
      hashie
      multi_json
      oauth
    hashie (1.2.0)
    multi_json (1.3.5)
    mustache (0.99.4)
    oauth (0.4.6)
    omniauth (1.1.0)
      hashie (~> 1.2)
      rack
    omniauth-dropbox (0.2.0)
      omniauth-oauth (~> 1.0)
    omniauth-oauth (1.0.1)
      oauth
      omniauth (~> 1.0)
    rack (1.4.1)
    rack-protection (1.2.0)
      rack
    rake (0.9.2.2)
    shotgun (0.9)
      rack (>= 1.0)
    sinatra (1.3.2)
      rack (~> 1.3, >= 1.3.6)
      rack-protection (~> 1.2)
      tilt (~> 1.3, >= 1.3.3)
    sqlite3 (1.3.6)
    tilt (1.3.3)

PLATFORMS
  ruby

DEPENDENCIES
  dropbox-api
  multi_json
  mustache
  omniauth
  omniauth-dropbox
  rack (~> 1.4)
  rake (~> 0.9)
  shotgun
  sinatra (~> 1.3)
  sqlite3 (~> 1.3)
